GEM
  remote: https://rubygems.org/
  specs:
    grpc-tools (1.54.0)

PLATFORMS
  arm64-darwin-21
  x86_64-linux

DEPENDENCIES
  grpc-tools

BUNDLED WITH
   2.3.7
